GEM
  remote: https://rubygems.org/
  specs:
    etcdv3 (0.10.2)
      grpc (~> 1.17)
    google-protobuf (3.14.0)
    googleapis-common-protos-types (1.0.5)
      google-protobuf (~> 3.11)
    grpc (1.34.0)
      google-protobuf (~> 3.13)
      googleapis-common-protos-types (~> 1.0)
    minitest (5.14.2)
    rack (2.2.3)
    rack-test (1.1.0)
      rack (>= 1.0, < 3)
    roda (3.38.0)
      rack

PLATFORMS
  ruby

DEPENDENCIES
  etcdv3 (~> 0.10.2)
  minitest (~> 5.14)
  rack-test
  roda (~> 3.22)

BUNDLED WITH
   2.1.4
